PATH
  remote: .
  specs:
    stackprof-webnav (0.0.2)
      haml (~> 4.0)
      nyny (~> 3.4)
      sprockets-nyny (= 0.0.3)
      stackprof (~> 0.2)

GEM
  remote: https://rubygems.org/
  specs:
    actionpack (4.0.5)
      activesupport (= 4.0.5)
      builder (~> 3.1.0)
      erubis (~> 2.7.0)
      rack (~> 1.5.2)
      rack-test (~> 0.6.2)
    activesupport (4.0.5)
      i18n (~> 0.6, >= 0.6.9)
      minitest (~> 4.2)
      multi_json (~> 1.3)
      thread_safe (~> 0.1)
      tzinfo (~> 0.3.37)
    better_errors (1.1.0)
      coderay (>= 1.0.0)
      erubis (>= 2.6.6)
    builder (3.1.4)
    coderay (1.1.0)
    erubis (2.7.0)
    haml (4.0.5)
      tilt
    hike (1.2.3)
    i18n (0.6.9)
    minitest (4.7.5)
    multi_json (1.10.1)
    nyny (3.4.0)
      actionpack (~> 4.0.2)
      better_errors (~> 1.1.0)
      rack-contrib (~> 1.1.0)
      tilt (~> 1.4.1)
    rack (1.5.2)
    rack-contrib (1.1.0)
      rack (>= 0.9.1)
    rack-test (0.6.2)
      rack (>= 1.0)
    rake (10.3.2)
    sprockets (2.12.1)
      hike (~> 1.2)
      multi_json (~> 1.0)
      rack (~> 1.0)
      tilt (~> 1.1, != 1.3.0)
    sprockets-nyny (0.0.3)
      nyny (>= 3.3.0)
      sprockets-rails (~> 2.0.1)
    sprockets-rails (2.0.1)
      actionpack (>= 3.0)
      activesupport (>= 3.0)
      sprockets (~> 2.8)
    stackprof (0.2.6)
    thread_safe (0.3.4)
    tilt (1.4.1)
    tzinfo (0.3.39)

PLATFORMS
  ruby

DEPENDENCIES
  bundler (~> 1.5)
  rake (~> 10.1)
  stackprof-webnav!
