PATH
  remote: .
  specs:
    stackprof-webnav (0.1.0)
      better_errors (~> 1.1.0)
      haml (~> 4.0)
      sinatra (~> 2.0.1)
      stackprof (~> 0.2)

GEM
  remote: https://rubygems.org/
  specs:
    better_errors (1.1.0)
      coderay (>= 1.0.0)
      erubis (>= 2.6.6)
    coderay (1.1.2)
    erubis (2.7.0)
    haml (4.0.7)
      tilt
    method_source (0.9.2)
    mustermann (1.0.2)
    pry (0.12.2)
      coderay (~> 1.1.0)
      method_source (~> 0.9.0)
    rack (2.0.4)
    rack-protection (2.0.1)
      rack
    rake (10.3.2)
    sinatra (2.0.1)
      mustermann (~> 1.0)
      rack (~> 2.0)
      rack-protection (= 2.0.1)
      tilt (~> 2.0)
    stackprof (0.2.11)
    tilt (2.0.8)

PLATFORMS
  ruby

DEPENDENCIES
  bundler (~> 1.5)
  pry
  rake (~> 10.1)
  stackprof-webnav!

BUNDLED WITH
   1.17.3
