PATH
  remote: .
  specs:
    stackprof-webnav (0.1.0)
      better_errors (~> 1.1.0)
      haml (~> 4.0)
      ruby-graphviz (~> 1.2.4)
      sinatra (~> 2.0.1)
      sinatra-contrib (~> 2.0.5)
      stackprof (~> 0.2)

GEM
  remote: https://rubygems.org/
  specs:
    backports (3.15.0)
    better_errors (1.1.0)
      coderay (>= 1.0.0)
      erubis (>= 2.6.6)
    coderay (1.1.2)
    erubis (2.7.0)
    haml (4.0.7)
      tilt
    method_source (0.9.2)
    multi_json (1.13.1)
    mustermann (1.0.3)
    pry (0.12.2)
      coderay (~> 1.1.0)
      method_source (~> 0.9.0)
    rack (2.0.7)
    rack-protection (2.0.5)
      rack
    rake (10.3.2)
    ruby-graphviz (1.2.4)
    sinatra (2.0.5)
      mustermann (~> 1.0)
      rack (~> 2.0)
      rack-protection (= 2.0.5)
      tilt (~> 2.0)
    sinatra-contrib (2.0.5)
      backports (>= 2.8.2)
      multi_json
      mustermann (~> 1.0)
      rack-protection (= 2.0.5)
      sinatra (= 2.0.5)
      tilt (>= 1.3, < 3)
    stackprof (0.2.12)
    tilt (2.0.9)

PLATFORMS
  ruby

DEPENDENCIES
  bundler (~> 1.5)
  pry
  rake (~> 10.1)
  stackprof-webnav!

BUNDLED WITH
   1.17.3
